GEM
  remote: http://rubygems.org/
  specs:
    activesupport (3.2.6)
      i18n (~> 0.6)
      multi_json (~> 1.0)
    faraday (0.8.1)
      multipart-post (~> 1.1)
    git (1.2.5)
    i18n (0.6.0)
    jeweler (1.8.4)
      bundler (~> 1.0)
      git (>= 1.2.5)
      rake
      rdoc
    json (1.7.3)
    multi_json (1.3.6)
    multipart-post (1.1.5)
    rake (0.9.2.2)
    rdoc (3.12)
      json (~> 1.4)
    simple_oauth (0.1.8)
    twitter (2.5.0)
      faraday (~> 0.8)
      multi_json (~> 1.3)
      simple_oauth (~> 0.1.6)
    yard (0.8.2.1)

PLATFORMS
  x86-mingw32

DEPENDENCIES
  activesupport (>= 3.0.0)
  bundler (>= 1.0.0)
  jeweler (~> 1.8.4)
  rdoc (~> 3.12)
  twitter (>= 2.5.0)
  yard (~> 0.7)
